GEM
  remote: https://rubygems.org/
  specs:
    erubis (2.7.0)
    kgio (2.8.0)
    rack (1.5.2)
    rack-protection (1.5.3)
      rack
    raindrops (0.11.0)
    sinatra (1.4.5)
      rack (~> 1.4)
      rack-protection (~> 1.4)
      tilt (~> 1.3, >= 1.3.4)
    tilt (1.4.1)
    unicorn (4.8.3)
      kgio (~> 2.6)
      rack
      raindrops (~> 0.7)

PLATFORMS
  ruby

DEPENDENCIES
  erubis
  sinatra
  unicorn
