GEM
  remote: https://rubygems.org/
  specs:
    backports (3.6.1)
    commonjs (0.2.6)
    erubis (2.7.0)
    ffi (1.9.5)
    ffi-compiler (0.1.3)
      ffi (>= 1.0.0)
      rake
    kgio (2.8.0)
    less (2.2.2)
      commonjs (~> 0.2.6)
    libv8 (3.16.14.3)
    multi_json (1.10.1)
    mysql2 (0.3.16)
    mysql2-cs-bind (0.0.6)
      mysql2
    rack (1.5.2)
    rack-protection (1.5.3)
      rack
    rack-test (0.6.2)
      rack (>= 1.0)
    raindrops (0.11.0)
    rake (10.3.2)
    ref (1.0.5)
    scrypt (2.0.0)
      ffi-compiler (>= 0.0.2)
      rake
    sinatra (1.4.5)
      rack (~> 1.4)
      rack-protection (~> 1.4)
      tilt (~> 1.3, >= 1.3.4)
    sinatra-contrib (1.4.2)
      backports (>= 2.0)
      multi_json
      rack-protection
      rack-test
      sinatra (~> 1.4.0)
      tilt (~> 1.3)
    therubyracer (0.12.0)
      libv8 (~> 3.16.14.0)
      ref
    tilt (1.4.1)
    unicorn (4.8.3)
      kgio (~> 2.6)
      rack
      raindrops (~> 0.7)

PLATFORMS
  ruby

DEPENDENCIES
  erubis
  less
  mysql2-cs-bind
  scrypt
  sinatra
  sinatra-contrib
  therubyracer
  unicorn
